GEM
  remote: https://rubygems.org/
  specs:
    requests (1.0.2)

PLATFORMS
  x86_64-linux

DEPENDENCIES
  requests (~> 1.0)

BUNDLED WITH
   2.4.10
